PATH
  remote: .
  specs:
    rudo (0.1.00)
      colored (>= 1.2)
      trollop (>= 1.16.2)

GEM
  remote: http://rubygems.org/
  specs:
    colored (1.2)
    rake (0.9.2.2)
    trollop (1.16.2)

PLATFORMS
  ruby

DEPENDENCIES
  colored
  rake
  rudo!
  trollop
